GEM
  remote: https://rubygems.org/
  specs:
    amq-protocol (2.2.0)
    backports (3.8.0)
    bunny (2.7.0)
      amq-protocol (>= 2.2.0)
    faker (1.7.3)
      i18n (~> 0.5)
    i18n (0.8.4)
    macaddr (1.7.1)
      systemu (~> 2.6.2)
    multi_json (1.12.1)
    mustermann (1.0.0)
    puma (3.9.1)
    rack (2.0.3)
    rack-protection (2.0.0)
      rack
    sinatra (2.0.0)
      mustermann (~> 1.0)
      rack (~> 2.0)
      rack-protection (= 2.0.0)
      tilt (~> 2.0)
    sinatra-contrib (2.0.0)
      backports (>= 2.0)
      multi_json
      mustermann (~> 1.0)
      rack-protection (= 2.0.0)
      sinatra (= 2.0.0)
      tilt (>= 1.3, < 3)
    systemu (2.6.5)
    tilt (2.0.7)
    uuid (2.3.8)
      macaddr (~> 1.0)

PLATFORMS
  ruby

DEPENDENCIES
  bunny
  faker
  multi_json
  puma
  sinatra
  sinatra-contrib
  uuid

RUBY VERSION
   ruby 2.3.3p222

BUNDLED WITH
   1.15.1
